PATH
  remote: .
  specs:
    shop (0.1.8)
      highline (~> 1.6.19)
      mysql2

GEM
  remote: http://rubygems.org/
  specs:
    highline (1.6.19)
    mysql2 (0.3.13)

PLATFORMS
  ruby

DEPENDENCIES
  shop!
