PATH
  remote: .
  specs:
    shop (0.1.8)
      highline (~> 1.6.19)

GEM
  remote: http://rubygems.org/
  specs:
    highline (1.6.19)

PLATFORMS
  ruby

DEPENDENCIES
  shop!
